GEM
  remote: http://rubygems.org/
  specs:
    builder (3.0.0)
    clucumber (0.4.1)
      cucumber (~> 0.10.0)
    cucumber (0.10.7)
      builder (>= 2.1.2)
      diff-lcs (>= 1.1.2)
      gherkin (~> 2.4.0)
      json (>= 1.4.6)
      term-ansicolor (>= 1.0.5)
    diff-lcs (1.1.3)
    gherkin (2.4.21)
      json (>= 1.4.6)
    json (1.6.1)
    term-ansicolor (1.0.7)

PLATFORMS
  ruby

DEPENDENCIES
  clucumber
